GEM
  remote: https://rubygems.org/
  specs:
    active_support (3.0.0)
      activesupport (= 3.0.0)
    activemodel (3.0.0)
      activesupport (= 3.0.0)
      builder (~> 2.1.2)
      i18n (~> 0.4.1)
    activerecord (3.0.0)
      activemodel (= 3.0.0)
      activesupport (= 3.0.0)
      arel (~> 1.0.0)
      tzinfo (~> 0.3.23)
    activesupport (3.0.0)
    arel (1.0.1)
      activesupport (~> 3.0.0)
    builder (2.1.2)
    i18n (0.4.2)
    mime-types (1.18)
    nokogiri (1.5.2)
    sqlite3 (1.3.6)
    typhoeus (0.3.3)
      mime-types
    tzinfo (0.3.33)

PLATFORMS
  ruby

DEPENDENCIES
  active_support
  activerecord
  nokogiri
  sqlite3
  typhoeus
